GEM
  remote: https://rubygems.org/
  specs:
    debase (0.2.4.1)
      debase-ruby_core_source (>= 0.10.2)
    debase-ruby_core_source (0.10.12)
    diff-lcs (1.4.4)
    mustermann (1.1.1)
      ruby2_keywords (~> 0.0.1)
    rack (2.2.3)
    rack-protection (2.1.0)
      rack
    rake (13.0.3)
    rspec (3.10.0)
      rspec-core (~> 3.10.0)
      rspec-expectations (~> 3.10.0)
      rspec-mocks (~> 3.10.0)
    rspec-core (3.10.1)
      rspec-support (~> 3.10.0)
    rspec-expectations (3.10.1)
      diff-lcs (>= 1.2.0, < 2.0)
      rspec-support (~> 3.10.0)
    rspec-mocks (3.10.2)
      diff-lcs (>= 1.2.0, < 2.0)
      rspec-support (~> 3.10.0)
    rspec-support (3.10.2)
    ruby-debug-ide (0.7.2)
      rake (>= 0.8.1)
    ruby2_keywords (0.0.4)
    shotgun (0.9.2)
      rack (>= 1.0)
    sinatra (2.1.0)
      mustermann (~> 1.0)
      rack (~> 2.2)
      rack-protection (= 2.1.0)
      tilt (~> 2.0)
    tilt (2.0.10)

PLATFORMS
  ruby
  x64-mingw32
  x86_64-darwin-19
  x86_64-linux

DEPENDENCIES
  debase
  rspec
  ruby-debug-ide
  shotgun
  sinatra

RUBY VERSION
   ruby 2.7.2p137

BUNDLED WITH
   2.2.11
